GEM
  remote: https://rubygems.org/
  specs:
    faraday (2.13.3)
      faraday-net_http (>= 2.0, < 3.5)
      json
      logger
    faraday-net_http (3.4.1)
      net-http (>= 0.5.0)
    json (2.13.0)
    logger (1.7.0)
    mini_portile2 (2.8.9)
    net-http (0.6.0)
      uri
    nokogiri (1.18.9)
      mini_portile2 (~> 2.8.2)
      racc (~> 1.4)
    racc (1.8.1)
    redcarpet (3.5.1)
    uri (1.0.3)

PLATFORMS
  ruby

DEPENDENCIES
  faraday
  nokogiri
  redcarpet

BUNDLED WITH
   2.7.1
