GEM
  remote: https://rubygems.org/
  specs:
    pg (1.5.9)

PLATFORMS
  ruby

DEPENDENCIES
  pg

BUNDLED WITH
   2.7.1
